PATH
  remote: .
  specs:
    rspec-request-printer (0.1.0)

GEM
  remote: https://rubygems.org/
  specs:
    minitest (5.14.3)
    rake (12.3.3)

PLATFORMS
  ruby

DEPENDENCIES
  minitest (~> 5.0)
  rake (~> 12.0)
  rspec-request-printer!

BUNDLED WITH
   2.1.4
